GEM
  remote: https://rubygems.org/
  specs:
    coderay (1.1.1)
    mail (2.6.4)
      mime-types (>= 1.16, < 4)
    method_source (0.8.2)
    mime-types (3.1)
      mime-types-data (~> 3.2015)
    mime-types-data (3.2016.0521)
    mini_portile2 (2.8.0)
    nokogiri (1.13.3)
      mini_portile2 (~> 2.8.0)
      racc (~> 1.4)
    pry (0.10.4)
      coderay (~> 1.1.0)
      method_source (~> 0.8.1)
      slop (~> 3.4)
    racc (1.6.0)
    rb-readline (0.5.3)
    reverse_markdown (1.0.3)
      nokogiri
    slop (3.6.0)

PLATFORMS
  ruby

DEPENDENCIES
  mail
  pry
  rb-readline
  reverse_markdown

BUNDLED WITH
   1.12.0
